GIT
  remote: https://github.com/el-MonAX/codebreaker.git
  revision: d13c0360b790a0043b1aff5154678a28adb0548b
  branch: dev
  specs:
    codebreaker (2.0.0)

GEM
  remote: https://rubygems.org/
  specs:
    byebug (9.1.0)
    diff-lcs (1.3)
    rack (2.0.3)
    rspec (3.7.0)
      rspec-core (~> 3.7.0)
      rspec-expectations (~> 3.7.0)
      rspec-mocks (~> 3.7.0)
    rspec-core (3.7.1)
      rspec-support (~> 3.7.0)
    rspec-expectations (3.7.0)
      diff-lcs (>= 1.2.0, < 2.0)
      rspec-support (~> 3.7.0)
    rspec-mocks (3.7.0)
      diff-lcs (>= 1.2.0, < 2.0)
      rspec-support (~> 3.7.0)
    rspec-support (3.7.0)

PLATFORMS
  ruby

DEPENDENCIES
  byebug
  codebreaker!
  rack
  rspec

RUBY VERSION
   ruby 2.3.0

BUNDLED WITH
   1.16.0
